GEM
  remote: https://rubygems.org/
  specs:
    coderay (1.0.9)
    method_source (0.8.1)
    minitest (4.7.3)
    minitest-colorize (0.0.5)
      minitest (>= 2.0)
    pry (0.9.12)
      coderay (~> 1.0.5)
      method_source (~> 0.8)
      slop (~> 3.4)
    rack (1.5.2)
    rack-protection (1.5.0)
      rack
    rack-test (0.6.2)
      rack (>= 1.0)
    rake (10.0.4)
    sinatra (1.4.2)
      rack (~> 1.5, >= 1.5.2)
      rack-protection (~> 1.4)
      tilt (~> 1.3, >= 1.3.4)
    slop (3.4.4)
    tilt (1.3.7)

PLATFORMS
  ruby

DEPENDENCIES
  minitest-colorize
  pry
  rack-test
  rake
  sinatra
